GIT
  remote: git://github.com/capistrano/composer.git
  revision: 7e18122dce15c12c0755a0aa2c85166b123c1d33
  specs:
    capistrano-composer (0.0.4)
      capistrano (>= 3.0.0.pre)

GIT
  remote: git://github.com/capistrano/symfony.git
  revision: bf16643ab6c53aaedd8d606aeff91c74cb06e9eb
  specs:
    capistrano-symfony (0.1.0)
      capistrano (~> 3.1)
      capistrano-composer (~> 0.0.3)
      capistrano-file-permissions (~> 0.1.0)

GEM
  remote: https://rubygems.org/
  specs:
    capistrano (3.2.1)
      i18n
      rake (>= 10.0.0)
      sshkit (~> 1.3)
    capistrano-file-permissions (0.1.0)
      capistrano (>= 3.0.0)
    colorize (0.7.3)
    i18n (0.6.9)
    net-scp (1.2.1)
      net-ssh (>= 2.6.5)
    net-ssh (2.9.1)
    rake (10.3.2)
    sshkit (1.5.1)
      colorize
      net-scp (>= 1.1.2)
      net-ssh (>= 2.8.0)

PLATFORMS
  ruby

DEPENDENCIES
  capistrano (~> 3.2.1)
  capistrano-composer!
  capistrano-symfony!
